GIT
  remote: https://github.com/luisdaher/kiik_ruby.git
  revision: c0e130ec9bd064898f1943aa8830356d9fc0ce5c
  branch: less_intrusive_config_changes
  specs:
    kiik (0.3.0)
      httparty (>= 0.13.7)

GEM
  remote: https://rubygems.org/
  specs:
    httparty (0.14.0)
      multi_xml (>= 0.5.2)
    multi_xml (0.6.0)
    rack (1.6.5)
    rack-protection (1.5.3)
      rack
    sinatra (1.4.7)
      rack (~> 1.5)
      rack-protection (~> 1.4)
      tilt (>= 1.3, < 3)
    tilt (2.0.5)

PLATFORMS
  ruby

DEPENDENCIES
  kiik!
  sinatra

RUBY VERSION
   ruby 2.2.4p230

BUNDLED WITH
   1.13.5
